PATH
  remote: .
  specs:
    haml-lint (0.0.1)
      colorize
      haml (= 4.0.3)

GEM
  remote: http://rubygems.org/
  specs:
    colorize (0.5.8)
    diff-lcs (1.2.4)
    haml (4.0.3)
      tilt
    rspec (2.13.0)
      rspec-core (~> 2.13.0)
      rspec-expectations (~> 2.13.0)
      rspec-mocks (~> 2.13.0)
    rspec-core (2.13.1)
    rspec-expectations (2.13.0)
      diff-lcs (>= 1.1.3, < 2.0)
    rspec-mocks (2.13.1)
    tilt (1.4.1)

PLATFORMS
  ruby

DEPENDENCIES
  haml-lint!
  rspec
