PATH
  remote: .
  specs:
    haml-lint (0.0.1)
      colorize
      haml (= 4.0.3)
      rubocop (>= 0.12.0)

GEM
  remote: http://rubygems.org/
  specs:
    ast (1.1.0)
    backports (3.3.3)
    colorize (0.5.8)
    diff-lcs (1.2.4)
    haml (4.0.3)
      tilt
    parser (2.0.0.pre6)
      ast (~> 1.1)
      slop (~> 3.4, >= 3.4.5)
    powerpack (0.0.3)
    rainbow (1.1.4)
    rspec (2.13.0)
      rspec-core (~> 2.13.0)
      rspec-expectations (~> 2.13.0)
      rspec-mocks (~> 2.13.0)
    rspec-core (2.13.1)
    rspec-expectations (2.13.0)
      diff-lcs (>= 1.1.3, < 2.0)
    rspec-mocks (2.13.1)
    rubocop (0.12.0)
      backports (~> 3.3.3)
      parser (~> 2.0.0.pre6)
      powerpack (~> 0.0.3)
      rainbow (>= 1.1.4)
    slop (3.4.6)
    tilt (1.4.1)

PLATFORMS
  ruby

DEPENDENCIES
  haml-lint!
  rspec
